GEM
  remote: http://rubygems.org/
  specs:
    OptionParser (0.5.1)
    mini_portile2 (2.0.0)
    nokogiri (1.6.7)
      mini_portile2 (~> 2.0.0.rc2)

PLATFORMS
  ruby

DEPENDENCIES
  OptionParser
  nokogiri

BUNDLED WITH
   1.10.6
